GEM
  remote: http://rubygems.org/
  specs:
    dalli (1.0.3)
    haml (3.1.1)
    json (1.5.1)
    rack (1.2.2)
    sinatra (1.2.6)
      rack (~> 1.1)
      tilt (< 2.0, >= 1.2.2)
    tilt (1.3)

PLATFORMS
  ruby

DEPENDENCIES
  dalli
  haml
  json
  sinatra
